PATH
  remote: .
  specs:
    ruboty-esaba (0.1.2)
      dotenv
      pry

GEM
  remote: https://rubygems.org/
  specs:
    ast (2.4.0)
    coderay (1.1.3)
    dotenv (2.7.5)
    method_source (1.0.0)
    parallel (1.12.1)
    parser (2.5.1.0)
      ast (~> 2.4.0)
    powerpack (0.1.1)
    pry (0.13.1)
      coderay (~> 1.1)
      method_source (~> 1.0)
    rainbow (3.0.0)
    rake (13.0.1)
    rubocop (0.55.0)
      parallel (~> 1.10)
      parser (>= 2.5)
      powerpack (~> 0.1)
      rainbow (>= 2.2.2, < 4.0)
      ruby-progressbar (~> 1.7)
      unicode-display_width (~> 1.0, >= 1.0.1)
    ruby-progressbar (1.9.0)
    unicode-display_width (1.3.2)

PLATFORMS
  ruby

DEPENDENCIES
  bundler (~> 1.16)
  rake (>= 12.3.3)
  rubocop
  ruboty-esaba!

BUNDLED WITH
   1.17.3
